GEM
  remote: https://rubygems.org/
  specs:
    addressable (2.8.1)
      public_suffix (>= 2.0.2, < 6.0)
    boxr (1.3.0)
      addressable (~> 2.3)
      hashie (~> 3.5)
      httpclient (~> 2.8)
      jwt (~> 1.4)
    builder (3.2.3)
    coderay (1.1.2)
    crass (1.0.2)
    faraday (0.13.1)
      multipart-post (>= 1.2, < 3)
    hashie (3.5.5)
    httpclient (2.8.3)
    jwt (1.5.6)
    method_source (0.8.2)
    mini_portile2 (2.2.0)
    multipart-post (2.0.0)
    mysql2 (0.4.9)
    nokogiri (1.8.0)
      mini_portile2 (~> 2.2.0)
    nokogumbo (1.4.13)
      nokogiri
    php-serialize (1.2.0)
    pry (0.10.4)
      coderay (~> 1.1.0)
      method_source (~> 0.8.1)
      slop (~> 3.4)
    public_suffix (5.0.0)
    rsolr (2.0.2)
      builder (>= 2.1.2)
      faraday
    ruby-wpdb (1.2.3)
      mysql2 (~> 0.3)
      php-serialize (~> 1.1)
      pry (~> 0.9)
      sequel (~> 4.2)
      sequel_sluggable (~> 0.0.6)
      thor (~> 0.18)
    sanitize (4.5.0)
      crass (~> 1.0.2)
      nokogiri (>= 1.4.4)
      nokogumbo (~> 1.4.1)
    sequel (4.49.0)
    sequel_sluggable (0.0.6)
      sequel (>= 3.0.0)
    slop (3.6.0)
    thor (0.20.0)

PLATFORMS
  ruby

DEPENDENCIES
  boxr
  pry
  rsolr
  ruby-wpdb
  sanitize

BUNDLED WITH
   1.14.6
