GEM
  remote: https://rubygems.org/
  specs:
    addressable (2.5.1)
      public_suffix (~> 2.0, >= 2.0.2)
    boxr (1.3.0)
      addressable (~> 2.3)
      hashie (~> 3.5)
      httpclient (~> 2.8)
      jwt (~> 1.4)
    hashie (3.5.5)
    httpclient (2.8.3)
    jwt (1.5.6)
    public_suffix (2.0.5)

PLATFORMS
  ruby

DEPENDENCIES
  boxr

BUNDLED WITH
   1.14.6
